GEM
  remote: https://rubygems.org/
  specs:
    rack (3.1.8)

PLATFORMS
  arm64-darwin-23
  ruby

DEPENDENCIES
  rack

RUBY VERSION
   ruby 3.3.6p108

BUNDLED WITH
   2.5.23
